{
    "TaskName": "rest",
    "Manufacturer": "Brain Products",
    "PowerLineFrequency": "n/a",
    "SamplingFrequency": 100.0,
    "SoftwareFilters": "n/a",
    "RecordingDuration": 59.99,
    "RecordingType": "continuous",
    "iEEGReference": "n/a",
    "ECOGChannelCount": 6,
    "SEEGChannelCount": 8,
    "EEGChannelCount": 0,
    "EOGChannelCount": 0,
    "ECGChannelCount": 0,
    "EMGChannelCount": 0,
    "MiscChannelCount": 0,
    "TriggerChannelCount": 0
}
