Brain Vision Data Exchange Header File Version 1.0
; Written using pybv 0.7.5

[Common Infos]
Codepage=UTF-8
DataFile=sub-b_ses-off_task-rest_acq-demo_run-1_ieeg.eeg
MarkerFile=sub-b_ses-off_task-rest_acq-demo_run-1_ieeg.vmrk
DataFormat=BINARY
; Data orientation: MULTIPLEXED=ch1,pt1, ch2,pt1 ...
DataOrientation=MULTIPLEXED
NumberOfChannels=14
; Sampling interval in microseconds
SamplingInterval=10000.0

[Binary Infos]
BinaryFormat=IEEE_FLOAT_32

[Channel Infos]
; Each entry: Ch<Channel number>=<Name>,<Reference channel name>,
; <Resolution in "Unit">,<Unit>, Future extensions..
; Fields are delimited by commas, some fields might be omitted (empty).
; Commas in channel names are coded as "\1".
Ch1=ecog_0,,0.1,µV
Ch2=ecog_1,,0.1,µV
Ch3=ecog_2,,0.1,µV
Ch4=ecog_3,,0.1,µV
Ch5=ecog_4,,0.1,µV
Ch6=ecog_5,,0.1,µV
Ch7=lfp_0,,0.1,µV
Ch8=lfp_1,,0.1,µV
Ch9=lfp_2,,0.1,µV
Ch10=lfp_3,,0.1,µV
Ch11=lfp_4,,0.1,µV
Ch12=lfp_5,,0.1,µV
Ch13=lfp_6,,0.1,µV
Ch14=lfp_7,,0.1,µV

[Comment]

